PATH
  remote: .
  specs:
    monster_mash (0.3.0)
      typhoeus (>= 0.3.3)

GEM
  remote: http://rubygems.org/
  specs:
    diff-lcs (1.1.3)
    json (1.6.6)
    mime-types (1.18)
    rspec (2.9.0)
      rspec-core (~> 2.9.0)
      rspec-expectations (~> 2.9.0)
      rspec-mocks (~> 2.9.0)
    rspec-core (2.9.0)
    rspec-expectations (2.9.1)
      diff-lcs (~> 1.1.3)
    rspec-mocks (2.9.0)
    typhoeus (0.3.3)
      mime-types
    vcr (2.0.1)

PLATFORMS
  ruby

DEPENDENCIES
  json
  monster_mash!
  rspec (~> 2.6)
  vcr (>= 1.3.0)
